PATH
  remote: .
  specs:
    uber_pong (0.0.1)
      mutations
      perpetuity
      virtus

GEM
  remote: https://rubygems.org/
  specs:
    activesupport (3.2.13)
      i18n (= 0.6.1)
      multi_json (~> 1.0)
    ansi (1.4.3)
    backports (2.6.7)
    builder (3.2.0)
    coderay (1.0.9)
    cucumber (1.2.3)
      builder (>= 2.1.2)
      diff-lcs (>= 1.1.3)
      gherkin (~> 2.11.6)
      multi_json (~> 1.3)
    descendants_tracker (0.0.1)
    diff-lcs (1.2.1)
    fabrication (2.6.3)
    gherkin (2.11.6)
      json (>= 1.7.6)
    i18n (0.6.1)
    json (1.7.7)
    metaclass (0.0.1)
    method_source (0.8.1)
    mocha (0.13.3)
      metaclass (~> 0.0.1)
    moped (1.4.4)
    multi_json (1.7.2)
    mutations (0.5.12)
      activesupport
    perpetuity (0.4.7)
      moped
    pry (0.9.12)
      coderay (~> 1.0.5)
      method_source (~> 0.8)
      slop (~> 3.4)
    rake (10.0.4)
    rspec (2.13.0)
      rspec-core (~> 2.13.0)
      rspec-expectations (~> 2.13.0)
      rspec-mocks (~> 2.13.0)
    rspec-core (2.13.1)
    rspec-expectations (2.13.0)
      diff-lcs (>= 1.1.3, < 2.0)
    rspec-mocks (2.13.0)
    simplecov (0.7.1)
      multi_json (~> 1.0)
      simplecov-html (~> 0.7.1)
    simplecov-html (0.7.1)
    slop (3.4.4)
    turn (0.9.6)
      ansi
    virtus (0.5.4)
      backports (~> 2.6.1)
      descendants_tracker (~> 0.0.1)

PLATFORMS
  ruby

DEPENDENCIES
  bundler (~> 1.3)
  cucumber
  fabrication
  mocha
  pry
  rake
  rspec
  simplecov
  turn
  uber_pong!
