PATH
  remote: .
  specs:
    uber_pong (0.0.1)
      mutations
      perpetuity
      virtus

GEM
  remote: https://rubygems.org/
  specs:
    activesupport (3.2.13)
      i18n (= 0.6.1)
      multi_json (~> 1.0)
    ansi (1.4.3)
    backports (2.6.7)
    builder (3.2.0)
    coderay (1.0.9)
    descendants_tracker (0.0.1)
    diff-lcs (1.2.1)
    fabrication (2.6.3)
    hashie (2.0.3)
    i18n (0.6.1)
    metaclass (0.0.1)
    method_source (0.8.1)
    minitest (4.7.0)
    minitest-reporters (0.14.11)
      ansi
      builder
      minitest (>= 2.12, < 5.0)
      powerbar
    mocha (0.13.3)
      metaclass (~> 0.0.1)
    moped (1.4.4)
    multi_json (1.7.2)
    mutations (0.5.12)
      activesupport
    perpetuity (0.4.7)
      moped
    powerbar (1.0.11)
      ansi (~> 1.4.0)
      hashie (>= 1.1.0)
    pry (0.9.12)
      coderay (~> 1.0.5)
      method_source (~> 0.8)
      slop (~> 3.4)
    rake (0.9.2.2)
    rspec (2.13.0)
      rspec-core (~> 2.13.0)
      rspec-expectations (~> 2.13.0)
      rspec-mocks (~> 2.13.0)
    rspec-core (2.13.1)
    rspec-expectations (2.13.0)
      diff-lcs (>= 1.1.3, < 2.0)
    rspec-fire (1.1.3)
      rspec (~> 2.11)
    rspec-mocks (2.13.0)
    simplecov (0.7.1)
      multi_json (~> 1.0)
      simplecov-html (~> 0.7.1)
    simplecov-html (0.7.1)
    slop (3.4.4)
    virtus (0.5.4)
      backports (~> 2.6.1)
      descendants_tracker (~> 0.0.1)

PLATFORMS
  ruby

DEPENDENCIES
  bundler (~> 1.3)
  fabrication
  minitest (~> 4.7.0)
  minitest-reporters
  mocha
  pry
  rake (= 0.9.2.2)
  rspec
  rspec-fire
  simplecov
  uber_pong!
