PATH
  remote: .
  specs:
    uber_pong (0.0.1)
      mutations
      virtus

GEM
  remote: https://rubygems.org/
  specs:
    activesupport (3.2.12)
      i18n (~> 0.6)
      multi_json (~> 1.0)
    coderay (1.0.9)
    diff-lcs (1.2.1)
    fabrication (2.6.3)
    i18n (0.6.4)
    method_source (0.8.1)
    multi_json (1.6.1)
    mutations (0.5.12)
      activesupport
    pry (0.9.12)
      coderay (~> 1.0.5)
      method_source (~> 0.8)
      slop (~> 3.4)
    rake (10.0.3)
    rspec (2.13.0)
      rspec-core (~> 2.13.0)
      rspec-expectations (~> 2.13.0)
      rspec-mocks (~> 2.13.0)
    rspec-core (2.13.0)
    rspec-expectations (2.13.0)
      diff-lcs (>= 1.1.3, < 2.0)
    rspec-mocks (2.13.0)
    simplecov (0.7.1)
      multi_json (~> 1.0)
      simplecov-html (~> 0.7.1)
    simplecov-html (0.7.1)
    slop (3.4.3)
    virtus (0.4.0)

PLATFORMS
  ruby

DEPENDENCIES
  bundler (~> 1.3)
  fabrication
  pry
  rake
  rspec
  simplecov
  uber_pong!
