PATH
  remote: .
  specs:
    uber_pong (0.0.1)
      mutations
      perpetuity
      virtus

GEM
  remote: https://rubygems.org/
  specs:
    activesupport (3.2.13)
      i18n (= 0.6.1)
      multi_json (~> 1.0)
    backports (2.6.7)
    builder (3.2.0)
    coderay (1.0.9)
    cucumber (0.2.2)
      builder (>= 2.1.2)
      diff-lcs (>= 1.1.2)
      polyglot (>= 0.2.4)
      term-ansicolor (>= 1.0.3)
      treetop (>= 1.2.4)
    descendants_tracker (0.0.1)
    diff-lcs (1.2.1)
    fabrication (2.6.3)
    i18n (0.6.1)
    method_source (0.8.1)
    moped (1.4.4)
    multi_json (1.6.1)
    mutations (0.5.12)
      activesupport
    perpetuity (0.4.6)
      moped
    polyglot (0.3.3)
    pry (0.9.12)
      coderay (~> 1.0.5)
      method_source (~> 0.8)
      slop (~> 3.4)
    rake (10.0.3)
    rspec (2.13.0)
      rspec-core (~> 2.13.0)
      rspec-expectations (~> 2.13.0)
      rspec-mocks (~> 2.13.0)
    rspec-core (2.13.0)
    rspec-expectations (2.13.0)
      diff-lcs (>= 1.1.3, < 2.0)
    rspec-mocks (2.13.0)
    simplecov (0.7.1)
      multi_json (~> 1.0)
      simplecov-html (~> 0.7.1)
    simplecov-html (0.7.1)
    slop (3.4.3)
    term-ansicolor (1.0.7)
    treetop (1.4.12)
      polyglot
      polyglot (>= 0.3.1)
    virtus (0.5.4)
      backports (~> 2.6.1)
      descendants_tracker (~> 0.0.1)

PLATFORMS
  ruby

DEPENDENCIES
  bundler (~> 1.3)
  cucumber
  fabrication
  pry
  rake
  rspec
  simplecov
  uber_pong!
