GIT
  remote: https://github.com/datamapper/dm-mapper.git
  revision: af1ddfdab0ac1d56922ea6ba6ca8de72d1cbe396
  specs:
    dm-mapper (0.0.0)
      abstract_type (~> 0.0.5)
      adamantium (~> 0.0.7)
      addressable (~> 2.3, >= 2.3.3)
      backports (~> 3.0, >= 3.0.3)
      descendants_tracker (~> 0.0.1)
      equalizer (~> 0.0.5)
      inflecto (~> 0.0.2)

PATH
  remote: .
  specs:
    uber_pong (0.0.1)
      mutations
      virtus

GEM
  remote: https://rubygems.org/
  specs:
    abstract_type (0.0.5)
      backports (~> 3.0, >= 3.0.3)
    activesupport (3.2.12)
      i18n (~> 0.6)
      multi_json (~> 1.0)
    adamantium (0.0.7)
      backports (~> 3.0, >= 3.0.3)
      ice_nine (~> 0.7.0)
    addressable (2.3.3)
    backports (3.1.1)
    coderay (1.0.9)
    descendants_tracker (0.0.1)
    diff-lcs (1.2.1)
    equalizer (0.0.5)
      adamantium (~> 0.0.6)
      backports (~> 3.0, >= 3.0.3)
    i18n (0.6.4)
    ice_nine (0.7.0)
    inflecto (0.0.2)
    method_source (0.8.1)
    multi_json (1.6.1)
    mutations (0.5.12)
      activesupport
    pry (0.9.12)
      coderay (~> 1.0.5)
      method_source (~> 0.8)
      slop (~> 3.4)
    rake (10.0.3)
    rspec (2.13.0)
      rspec-core (~> 2.13.0)
      rspec-expectations (~> 2.13.0)
      rspec-mocks (~> 2.13.0)
    rspec-core (2.13.0)
    rspec-expectations (2.13.0)
      diff-lcs (>= 1.1.3, < 2.0)
    rspec-mocks (2.13.0)
    simplecov (0.7.1)
      multi_json (~> 1.0)
      simplecov-html (~> 0.7.1)
    simplecov-html (0.7.1)
    slop (3.4.3)
    veritas (0.0.7)
    virtus (0.4.0)

PLATFORMS
  ruby

DEPENDENCIES
  bundler (~> 1.3)
  dm-mapper!
  pry
  rake
  rspec
  simplecov
  uber_pong!
  veritas
